GEM
  remote: https://rubygems.org/
  specs:
    activemodel (3.2.14)
      activesupport (= 3.2.14)
      builder (~> 3.0.0)
    activesupport (3.2.14)
      i18n (~> 0.6, >= 0.6.4)
      multi_json (~> 1.0)
    bcrypt-ruby (3.0.1)
    bson (1.8.6)
    bson_ext (1.8.3)
      bson (~> 1.8.3)
    builder (3.0.4)
    capistrano (3.0.0)
      i18n
      rake (>= 10.0.0)
      sshkit (>= 0.0.23)
    coco (0.7.1)
    colorize (0.6.0)
    diff-lcs (1.2.4)
    excellent (2.0.0)
      hashr (>= 0.0.10)
      ruby_parser (>= 3.0)
      sexp_processor (>= 4.0)
    haml (4.0.0)
      tilt
    hashr (0.0.22)
    i18n (0.6.5)
    json (1.8.0)
    kgio (2.8.1)
    mongo (1.8.6)
      bson (~> 1.8.6)
    mongo_mapper (0.12.0)
      activemodel (~> 3.0)
      activesupport (~> 3.0)
      plucky (~> 0.5.2)
    multi_json (1.8.1)
    net-scp (1.1.2)
      net-ssh (>= 2.6.5)
    net-ssh (2.7.0)
    plucky (0.5.2)
      mongo (~> 1.5)
    rack (1.5.2)
    rack-protection (1.5.0)
      rack
    raindrops (0.12.0)
    rake (10.1.0)
    rb-fsevent (0.9.3)
    redis (3.0.5)
    redis-objects (0.7.0)
      redis (>= 3.0.2)
    rspec (2.14.1)
      rspec-core (~> 2.14.0)
      rspec-expectations (~> 2.14.0)
      rspec-mocks (~> 2.14.0)
    rspec-core (2.14.5)
    rspec-expectations (2.14.3)
      diff-lcs (>= 1.1.3, < 2.0)
    rspec-mocks (2.14.3)
    ruby_parser (3.2.2)
      sexp_processor (~> 4.1)
    sass (3.2.12)
    sexp_processor (4.3.0)
    sinatra (1.4.3)
      rack (~> 1.4)
      rack-protection (~> 1.4)
      tilt (~> 1.3, >= 1.3.4)
    sshkit (1.0.0)
      net-scp
      net-ssh
      term-ansicolor
    stringex (2.1.0)
    term-ansicolor (1.2.2)
      tins (~> 0.8)
    tilt (1.4.1)
    tins (0.12.0)
    unicorn (4.6.3)
      kgio (~> 2.6)
      rack
      raindrops (~> 0.7)

PLATFORMS
  ruby

DEPENDENCIES
  bcrypt-ruby (~> 3.0.0)
  bson_ext (= 1.8.3)
  capistrano
  coco
  colorize
  excellent
  haml (= 4.0.0)
  json
  mongo_mapper (~> 0.12.0)
  rake
  rb-fsevent (~> 0.9.1)
  redis
  redis-objects
  rspec
  sass
  sinatra
  stringex
  unicorn
